GEM
  remote: https://rubygems.org/
  specs:
    childprocess (0.5.3)
      ffi (~> 1.0, >= 1.0.11)
    ffi (1.4.0)
    json (1.8.0)
    multi_json (1.7.7)
    rake (10.0.4)
    rubygems-update (2.2.1)
    rubyzip (1.1.6)
    selenium-webdriver (2.43.0)
      childprocess (~> 0.5)
      multi_json (~> 1.0)
      rubyzip (~> 1.0)
      websocket (~> 1.0)
    tal-test-runner (0.0.2.1411398531)
      json
      rake
      rubygems-update
      selenium-webdriver (>= 2.43.0)
    websocket (1.0.7)

PLATFORMS
  ruby

DEPENDENCIES
  tal-test-runner (>= 0.0.1)
